GEM
  remote: https://rubygems.org/
  specs:

PLATFORMS
  aarch64-linux-musl
  x86_64-darwin-20
  x86_64-linux-musl

DEPENDENCIES

BUNDLED WITH
   2.2.3
